PATH
  remote: .
  specs:
    zephyr (1.2.3)
      typhoeus (~> 0.4.2)
      yajl-ruby

GEM
  remote: http://rubygems.org/
  specs:
    ffi (1.9.0)
    git (1.2.5)
    jeweler (1.6.4)
      bundler (~> 1.0)
      git (>= 1.2.5)
      rake
    metaclass (0.0.1)
    mime-types (1.23)
    mocha (0.12.0)
      metaclass (~> 0.0.1)
    rake (0.9.2.2)
    shoulda (2.11.3)
    typhoeus (0.4.2)
      ffi (~> 1.0)
      mime-types (~> 1.18)
    yajl-ruby (1.1.0)

PLATFORMS
  ruby

DEPENDENCIES
  bundler (~> 1.3.0)
  jeweler (~> 1.6.4)
  mocha (~> 0.12.0)
  shoulda (~> 2.11.3)
  zephyr!
